PATH
  remote: .
  specs:
    ruby-openid (2.1.8.2.skroutz)

GEM
  remote: https://rubygems.org/
  specs:
    activesupport (5.1.6.2)
      concurrent-ruby (~> 1.0, >= 1.0.2)
      i18n (>= 0.7, < 2)
      minitest (~> 5.1)
      tzinfo (~> 1.1)
    concurrent-ruby (1.1.6)
    i18n (1.8.3)
      concurrent-ruby (~> 1.0)
    minitest (5.14.1)
    power_assert (1.2.0)
    rake (13.0.1)
    test-unit (3.3.6)
      power_assert
    thread_safe (0.3.6)
    tzinfo (1.2.7)
      thread_safe (~> 0.1)

PLATFORMS
  ruby

DEPENDENCIES
  activesupport (= 5.1.6.2)
  rake
  ruby-openid!
  test-unit (>= 2.5.2)

BUNDLED WITH
   1.13.6
